GEM
  remote: https://rubygems.org/
  specs:
    base64 (0.3.0)
    concurrent-ruby (1.3.5)
    dotenv (2.8.1)
    dry-core (1.0.0)
      concurrent-ruby (~> 1.0)
      zeitwerk (~> 2.6)
    dry-inflector (1.1.0)
    dry-logic (1.5.0)
      concurrent-ruby (~> 1.0)
      dry-core (~> 1.0, < 2)
      zeitwerk (~> 2.6)
    dry-struct (1.6.0)
      dry-core (~> 1.0, < 2)
      dry-types (>= 1.7, < 2)
      ice_nine (~> 0.11)
      zeitwerk (~> 2.6)
    dry-types (1.7.1)
      concurrent-ruby (~> 1.0)
      dry-core (~> 1.0)
      dry-inflector (~> 1.0)
      dry-logic (~> 1.4)
      zeitwerk (~> 2.6)
    faraday (2.8.1)
      base64
      faraday-net_http (>= 2.0, < 3.1)
      ruby2_keywords (>= 0.0.4)
    faraday-multipart (1.1.1)
      multipart-post (~> 2.0)
    faraday-net_http (3.0.2)
    i18n (1.14.7)
      concurrent-ruby (~> 1.0)
    ice_nine (0.11.2)
    multipart-post (2.4.1)
    num2words (0.1.3)
      i18n (>= 1.8)
    ruby2_keywords (0.0.5)
    telegram-bot-ruby (2.4.0)
      dry-struct (~> 1.6)
      faraday (~> 2.0)
      faraday-multipart (~> 1.0)
      zeitwerk (~> 2.6)
    zeitwerk (2.6.18)

PLATFORMS
  ruby

DEPENDENCIES
  dotenv
  num2words
  telegram-bot-ruby

RUBY VERSION
   ruby 3.2.2p53

BUNDLED WITH
   2.1.4
